GEM
  remote: https://rubygems.org/
  specs:

PLATFORMS
  x86_64-darwin-21
  x86_64-linux

DEPENDENCIES

BUNDLED WITH
   2.4.13
